GEM
  remote: https://rubygems.org/
  specs:
    kaka (1.0.0)

PLATFORMS
  ruby

DEPENDENCIES
  kaka
